GIT
  remote: git://github.com/brianmario/mysql2.git
  revision: 267a53887cb52f799d6a84f08cd1664bf6288f86
  branch: 0.2.x
  specs:
    mysql2 (0.2.24)

PATH
  remote: .
  specs:
    actionmailer (3.0.20.8)
      actionpack (= 3.0.20.8)
      mail (~> 2.2.19)
    actionpack (3.0.20.8)
      activemodel (= 3.0.20.8)
      activesupport (= 3.0.20.8)
      builder (~> 2.1.2)
      erubis (~> 2.6.6)
      i18n (~> 0.5.0)
      rack (< 1.5)
      rack-mount (~> 0.6.14)
      rack-test (~> 0.5.7)
      tzinfo (~> 0.3.23)
    activemodel (3.0.20.8)
      activesupport (= 3.0.20.8)
      builder (~> 2.1.2)
      i18n (~> 0.5.0)
    activerecord (3.0.20.8)
      activemodel (= 3.0.20.8)
      activesupport (= 3.0.20.8)
      arel (~> 2.0.10)
      tzinfo (~> 0.3.23)
    activeresource (3.0.20.8)
      activemodel (= 3.0.20.8)
      activesupport (= 3.0.20.8)
    activesupport (3.0.20.8)
    rails (3.0.20.8)
      actionmailer (= 3.0.20.8)
      actionpack (= 3.0.20.8)
      activerecord (= 3.0.20.8)
      activeresource (= 3.0.20.8)
      activesupport (= 3.0.20.8)
      bundler (~> 1.0)
      railslts-version (= 3.0.20.8)
      railties (= 3.0.20.8)
    railslts-version (3.0.20.8)
    railties (3.0.20.8)
      actionpack (= 3.0.20.8)
      activesupport (= 3.0.20.8)
      rake (>= 0.8.7)
      rdoc (~> 3.4)
      thor (~> 0.14.4)

GEM
  remote: http://rubygems.org/
  specs:
    abstract (1.0.0)
    addressable (2.3.8)
    arel (2.0.10)
    builder (2.1.2)
    columnize (0.9.0)
    debugger (1.6.8)
      columnize (>= 0.3.1)
      debugger-linecache (~> 1.2.0)
      debugger-ruby_core_source (~> 1.3.5)
    debugger-linecache (1.2.0)
    debugger-ruby_core_source (1.3.8)
    erubis (2.6.6)
      abstract (>= 1.0.0)
    faker (1.5.0)
      i18n (~> 0.5)
    horo (1.0.3)
      rdoc (>= 2.5)
    i18n (0.5.4)
    json (1.8.3)
    linecache (1.3.1)
    mail (2.2.20)
      activesupport (>= 2.3.6)
      i18n (>= 0.4.0)
      mime-types (~> 1.16)
      treetop (~> 1.4.8)
    memcache-client (1.8.5)
    metaclass (0.0.4)
    mime-types (1.25.1)
    mocha (1.1.0)
      metaclass (~> 0.0.1)
    mysql (2.9.1)
    nokogiri (1.5.11)
    pg (0.18.3)
    polyglot (0.3.5)
    rack (1.4.7)
    rack-mount (0.6.14)
      rack (>= 1.0.0)
    rack-test (0.5.7)
      rack (>= 1.0)
    rake (10.4.2)
    rdoc (3.12.2)
      json (~> 1.4)
    ruby-debug (0.10.4)
      columnize (>= 0.1)
      ruby-debug-base (~> 0.10.4.0)
    ruby-debug-base (0.10.4)
      linecache (>= 0.3)
    ruby-prof (0.13.1)
    sqlite3 (1.3.11)
    system_timer (1.2.4)
    thor (0.14.6)
    treetop (1.4.15)
      polyglot
      polyglot (>= 0.3.1)
    tzinfo (0.3.45)
    yajl-ruby (1.2.1)

PLATFORMS
  ruby

DEPENDENCIES
  activerecord-jdbcmysql-adapter
  activerecord-jdbcpostgresql-adapter
  activerecord-jdbcsqlite3-adapter
  addressable
  arel
  debugger
  faker
  horo (= 1.0.3)
  jruby-openssl
  json
  memcache-client (>= 1.8.5)
  mocha (>= 0.13.0)
  mysql (>= 2.8.1)
  mysql2!
  nokogiri (~> 1.5.1)
  pg (>= 0.9.0)
  rails!
  rake (>= 0.8.7)
  rdoc (~> 3.4)
  ruby-debug (>= 0.10.3)
  ruby-prof (~> 0.13.1)
  sqlite3 (~> 1.3.3)
  system_timer
  yajl-ruby
